GEM
  remote: https://rubygems.org/
  specs:
    rake (10.1.1)
    semver2 (3.3.3)

PLATFORMS
  ruby

DEPENDENCIES
  rake
  semver2

RUBY VERSION
   ruby 3.0.6p216

BUNDLED WITH
   2.2.33
